GEM
  remote: https://rubygems.org/
  specs:
    childprocess (0.5.3)
      ffi (~> 1.0, >= 1.0.11)
    cmdparse (2.0.6)
    diff-lcs (1.2.5)
    ffi (1.9.3)
    highline (1.6.21)
    json (1.8.1)
    mime-types (2.3)
    multi_json (1.10.0)
    net-http-persistent (2.9.4)
    net-ssh (2.9.1)
    net-ssh-gateway (1.2.0)
      net-ssh (>= 2.6.5)
    parallel (1.0.0)
    parallel_tests (0.16.6)
      parallel
    rest-client (1.6.7)
      mime-types (>= 1.16)
    rspec (2.14.1)
      rspec-core (~> 2.14.0)
      rspec-expectations (~> 2.14.0)
      rspec-mocks (~> 2.14.0)
    rspec-core (2.14.8)
    rspec-expectations (2.14.5)
      diff-lcs (>= 1.1.3, < 2.0)
    rspec-mocks (2.14.6)
    rubyzip (1.1.4)
    sauce (3.4.3)
      childprocess (>= 0.1.6)
      cmdparse (>= 2.0.2)
      highline (>= 1.5.0)
      json (>= 1.2.0)
      net-http-persistent
      net-ssh
      net-ssh-gateway
      parallel_tests (= 0.16.6)
      rest-client
      sauce_whisk (~> 0.0.11)
      selenium-webdriver (>= 0.1.2)
    sauce-connect (3.4.1)
      sauce (~> 3.4)
    sauce_whisk (0.0.13)
      json (~> 1.8.1)
      rest-client (~> 1.6.7)
    selenium-webdriver (2.42.0)
      childprocess (>= 0.5.0)
      multi_json (~> 1.0)
      rubyzip (~> 1.0)
      websocket (~> 1.0.4)
    websocket (1.0.7)

PLATFORMS
  ruby

DEPENDENCIES
  parallel_tests
  rspec (~> 2.14.0)
  sauce
  sauce-connect
  sauce_whisk
  selenium-webdriver
